PATH
  remote: .
  specs:
    pd_ruby (0.2.3)
      colorize

GEM
  remote: https://rubygems.org/
  specs:
    bump (0.8.0)
    colorize (0.8.1)
    diff-lcs (1.3)
    rake (10.5.0)
    rspec (3.9.0)
      rspec-core (~> 3.9.0)
      rspec-expectations (~> 3.9.0)
      rspec-mocks (~> 3.9.0)
    rspec-core (3.9.1)
      rspec-support (~> 3.9.1)
    rspec-expectations (3.9.0)
      diff-lcs (>= 1.2.0, < 2.0)
      rspec-support (~> 3.9.0)
    rspec-mocks (3.9.1)
      diff-lcs (>= 1.2.0, < 2.0)
      rspec-support (~> 3.9.0)
    rspec-support (3.9.2)

PLATFORMS
  ruby

DEPENDENCIES
  bump
  bundler (~> 2.0)
  pd_ruby!
  rake (~> 10.0)
  rspec (~> 3.0)

BUNDLED WITH
   2.1.4
